GEM
  remote: http://rubygems.org/
  specs:
    polyglot (0.3.1)
    rspec (1.3.0)
    treetop (1.4.8)
      polyglot (>= 0.3.1)

PLATFORMS
  ruby

DEPENDENCIES
  polyglot (= 0.3.1)
  rspec (= 1.3.0)
  treetop (= 1.4.8)
